GEM
  remote: https://rubygems.org/
  specs:
    phone (1.2.3)

PLATFORMS
  ruby

DEPENDENCIES
  phone

BUNDLED WITH
   1.14.3
